GEM
  remote: http://rubygems.org/
  specs:
    POpen4 (0.1.4)
      Platform (>= 0.4.0)
      open4
    Platform (0.4.0)
    adsf (1.0.1)
      rack (>= 1.0.0)
    cri (1.0.1)
    haml (3.1.1)
    httpclient (2.2.0.2)
    json (1.5.1)
    mime-types (1.16)
    nanoc (3.1.7)
      nanoc3 (>= 3.1.7)
    nanoc-fuel (0.0.6)
      haml (>= 3.1.1)
      nanoc (>= 3.1.6)
    nanoc3 (3.1.7)
      cri (>= 1.0.0)
    nutils (0.8.2)
      nanoc3 (>= 3.1.2)
    open4 (1.0.1)
    rack (1.2.2)
    rake (0.9.0)
    sass (3.1.1)
    smusher (0.4.8)
      httpclient (>= 2.2)
      json
      rake
    yui-compressor (0.9.6)
      POpen4 (>= 0.1.4)

PLATFORMS
  ruby

DEPENDENCIES
  adsf
  haml
  mime-types
  nanoc-fuel
  nanoc3
  nutils
  rack
  sass
  smusher
  yui-compressor
